GEM
  remote: https://rubygems.org/
  specs:
    eventmachine (1.0.3)
    hiredis (0.5.2)
    msgpack (0.5.9)
    nido (0.0.1)
    ohm (2.0.1)
      msgpack
      nido
      redic
    redic (1.1.1)
      hiredis

PLATFORMS
  ruby

DEPENDENCIES
  eventmachine
  ohm
